GEM
  remote: https://rubygems.org/
  specs:
    activesupport (6.0.2.1)
      concurrent-ruby (~> 1.0, >= 1.0.2)
      i18n (>= 0.7, < 2)
      minitest (~> 5.1)
      tzinfo (~> 1.1)
      zeitwerk (~> 2.2)
    airbrussh (1.4.0)
      sshkit (>= 1.6.1, != 1.7.0)
    concurrent-ruby (1.1.5)
    equatable (0.6.1)
    i18n (1.8.2)
      concurrent-ruby (~> 1.0)
    method_source (0.9.2)
    minitest (5.14.0)
    necromancer (0.5.1)
    net-scp (2.0.0)
      net-ssh (>= 2.6.5, < 6.0.0)
    net-ssh (5.2.0)
    pastel (0.7.3)
      equatable (~> 0.6)
      tty-color (~> 0.5)
    runbook (0.16.1)
      activesupport (>= 5.0.1.x, < 7.0)
      airbrussh (~> 1.4)
      method_source (~> 0.9)
      sshkit (= 1.16)
      sshkit-sudo (~> 0.1)
      thor (~> 0.20)
      tty-progressbar (~> 0.14)
      tty-prompt (~> 0.16)
    sshkit (1.16.0)
      net-scp (>= 1.1.2)
      net-ssh (>= 2.8.0)
    sshkit-sudo (0.1.0)
      sshkit (~> 1.8)
    strings-ansi (0.1.0)
    thor (0.20.0)
    thread_safe (0.3.6)
    tty-color (0.5.0)
    tty-cursor (0.7.1)
    tty-progressbar (0.17.0)
      strings-ansi (~> 0.1.0)
      tty-cursor (~> 0.7)
      tty-screen (~> 0.7)
      unicode-display_width (~> 1.6)
    tty-prompt (0.20.0)
      necromancer (~> 0.5.0)
      pastel (~> 0.7.0)
      tty-reader (~> 0.7.0)
    tty-reader (0.7.0)
      tty-cursor (~> 0.7)
      tty-screen (~> 0.7)
      wisper (~> 2.0.0)
    tty-screen (0.7.1)
    tzinfo (1.2.6)
      thread_safe (~> 0.1)
    unicode-display_width (1.6.0)
    wisper (2.0.1)
    zeitwerk (2.2.2)

PLATFORMS
  ruby

DEPENDENCIES
  runbook

BUNDLED WITH
   2.1.4
